GEM
  remote: http://rubygems.org/
  specs:
    CFPropertyList (2.3.6)
    actionpack (4.0.13)
      activesupport (= 4.0.13)
      builder (~> 3.1.0)
      erubis (~> 2.7.0)
      rack (~> 1.5.2)
      rack-test (~> 0.6.2)
    activesupport (4.0.13)
      i18n (~> 0.6, >= 0.6.9)
      minitest (~> 4.2)
      multi_json (~> 1.3)
      thread_safe (~> 0.1)
      tzinfo (~> 0.3.37)
    addressable (2.4.0)
    autoparse (0.3.3)
      addressable (>= 2.3.1)
      extlib (>= 0.9.15)
      multi_json (>= 1.0.0)
    aws-sdk (1.42.0)
      json (~> 1.4)
      nokogiri (>= 1.4.4)
    backports (3.17.1)
    beaker (1.21.0)
      aws-sdk (= 1.42.0)
      blimpy (~> 0.6)
      docker-api
      fission (~> 0.4)
      fog (~> 1.22.1)
      google-api-client (~> 0.7.1)
      hocon (~> 0.0.4)
      inifile (~> 2.0)
      json (~> 1.8)
      mime-types (~> 1.25)
      net-scp (~> 1.1)
      net-ssh (~> 2.6)
      nokogiri (~> 1.5.10)
      rbvmomi (= 1.8.1)
      unf (~> 0.1)
    beaker-rspec (2.0.0)
      beaker
      rspec
    blimpy (0.6.7)
      fog
      minitar
      thor
    builder (3.1.4)
    coderay (1.1.2)
    diff-lcs (1.3)
    docile (1.3.2)
    docker-api (1.34.2)
      excon (>= 0.47.0)
      multi_json
    domain_name (0.5.20190701)
      unf (>= 0.0.5, < 1.0.0)
    dry-inflector (0.1.2)
    erubis (2.7.0)
    ethon (0.12.0)
      ffi (>= 1.3.0)
    excon (0.73.0)
    extlib (0.9.16)
    facter (2.5.7)
    faraday (0.17.3)
      multipart-post (>= 1.2, < 3)
    faraday_middleware (0.14.0)
      faraday (>= 0.7.4, < 1.0)
    ffi (1.12.2)
    fission (0.5.0)
      CFPropertyList (~> 2.2)
    fog (1.22.1)
      fog-brightbox
      fog-core (~> 1.22)
      fog-json
      ipaddress (~> 0.5)
      nokogiri (~> 1.5, >= 1.5.11)
    fog-brightbox (1.0.0)
      dry-inflector
      fog-core (>= 1.45, < 3.0)
      fog-json
    fog-core (1.45.0)
      builder
      excon (~> 0.58)
      formatador (~> 0.2)
    fog-json (1.2.0)
      fog-core
      multi_json (~> 1.10)
    formatador (0.2.5)
    gh (0.15.1)
      addressable (~> 2.4.0)
      backports
      faraday (~> 0.8)
      multi_json (~> 1.0)
      net-http-persistent (~> 2.9)
      net-http-pipeline
    google-api-client (0.7.1)
      addressable (>= 2.3.2)
      autoparse (>= 0.3.3)
      extlib (>= 0.9.15)
      faraday (>= 0.9.0)
      jwt (>= 0.1.5)
      launchy (>= 2.1.1)
      multi_json (>= 1.0.0)
      retriable (>= 1.4)
      signet (>= 0.5.0)
      uuidtools (>= 2.1.0)
    guard (2.16.2)
      formatador (>= 0.2.4)
      listen (>= 2.7, < 4.0)
      lumberjack (>= 1.0.12, < 2.0)
      nenv (~> 0.1)
      notiffany (~> 0.0)
      pry (>= 0.9.12)
      shellany (~> 0.0)
      thor (>= 0.18.1)
    guard-rake (1.0.0)
      guard
      rake
    hiera (1.3.4)
      json_pure
    highline (1.7.10)
    hocon (0.0.7)
    http-accept (1.7.0)
    http-cookie (1.0.3)
      domain_name (~> 0.5)
    i18n (0.6.11)
    inifile (2.0.2)
    ipaddress (0.8.3)
    json (1.8.6)
    json-schema (2.8.1)
      addressable (>= 2.4)
    json_pure (2.3.0)
    jwt (1.5.6)
    launchy (2.4.3)
      addressable (~> 2.3)
    listen (3.0.8)
      rb-fsevent (~> 0.9, >= 0.9.4)
      rb-inotify (~> 0.9, >= 0.9.7)
    lumberjack (1.0.13)
    metadata-json-lint (2.3.0)
      json-schema (~> 2.8)
      spdx-licenses (~> 1.0)
    method_source (1.0.0)
    mime-types (1.25.1)
    minitar (0.9)
    minitest (4.7.5)
    mocha (1.11.2)
    multi_json (1.14.1)
    multipart-post (2.1.1)
    nenv (0.3.0)
    net-http-persistent (2.9.4)
    net-http-pipeline (1.0.1)
    net-scp (1.2.1)
      net-ssh (>= 2.6.5)
    net-ssh (2.9.4)
    netrc (0.11.0)
    nokogiri (1.5.11)
    notiffany (0.1.3)
      nenv (~> 0.1)
      shellany (~> 0.0)
    pathspec (0.2.1)
    pry (0.13.1)
      coderay (~> 1.1)
      method_source (~> 1.0)
    puppet (3.8.7)
      facter (> 1.6, < 3)
      hiera (~> 1.0)
      json_pure
    puppet-blacksmith (4.1.2)
      rest-client (~> 2.0)
    puppet-lint (2.4.2)
    puppet-syntax (2.6.0)
      rake
    puppetlabs_spec_helper (2.14.1)
      mocha (~> 1.0)
      pathspec (~> 0.2.1)
      puppet-lint (~> 2.0)
      puppet-syntax (~> 2.0)
      rspec-puppet (~> 2.0)
    pusher-client (0.6.2)
      json
      websocket (~> 1.0)
    rack (1.5.5)
    rack-test (0.6.3)
      rack (>= 1.0)
    railties (4.0.13)
      actionpack (= 4.0.13)
      activesupport (= 4.0.13)
      rake (>= 0.8.7)
      thor (>= 0.18.1, < 2.0)
    rake (12.3.3)
    rb-fsevent (0.10.3)
    rb-inotify (0.9.10)
      ffi (>= 0.5.0, < 2)
    rbvmomi (1.8.1)
      builder
      nokogiri (>= 1.4.1)
      trollop
    rest-client (2.1.0)
      http-accept (>= 1.7.0, < 2.0)
      http-cookie (>= 1.0.2, < 2.0)
      mime-types (>= 1.16, < 4.0)
      netrc (~> 0.8)
    retriable (3.1.2)
    rspec (3.5.0)
      rspec-core (~> 3.5.0)
      rspec-expectations (~> 3.5.0)
      rspec-mocks (~> 3.5.0)
    rspec-core (3.5.4)
      rspec-support (~> 3.5.0)
    rspec-expectations (3.5.0)
      diff-lcs (>= 1.2.0, < 2.0)
      rspec-support (~> 3.5.0)
    rspec-mocks (3.5.0)
      diff-lcs (>= 1.2.0, < 2.0)
      rspec-support (~> 3.5.0)
    rspec-puppet (2.7.8)
      rspec
    rspec-rails (3.5.2)
      actionpack (>= 3.0)
      activesupport (>= 3.0)
      railties (>= 3.0)
      rspec-core (~> 3.5.0)
      rspec-expectations (~> 3.5.0)
      rspec-mocks (~> 3.5.0)
      rspec-support (~> 3.5.0)
    rspec-support (3.5.0)
    shellany (0.0.1)
    signet (0.9.2)
      addressable (~> 2.3)
      faraday (~> 0.9)
      jwt (>= 1.5, < 3.0)
      multi_json (~> 1.10)
    simplecov (0.17.1)
      docile (~> 1.1)
      json (>= 1.8, < 3)
      simplecov-html (~> 0.10.0)
    simplecov-html (0.10.2)
    spdx-licenses (1.2.0)
    thor (1.0.1)
    thread_safe (0.3.6)
    travis (1.8.13)
      backports
      faraday (~> 0.9)
      faraday_middleware (~> 0.9, >= 0.9.1)
      gh (~> 0.13)
      highline (~> 1.6)
      launchy (~> 2.1)
      pusher-client (~> 0.4)
      typhoeus (~> 0.6, >= 0.6.8)
    travis-lint (2.0.0)
      json
    trollop (2.9.10)
    typhoeus (0.8.0)
      ethon (>= 0.8.0)
    tzinfo (0.3.56)
    unf (0.1.4)
      unf_ext
    unf_ext (0.0.7.7)
    uuidtools (2.1.5)
    vagrant-wrapper (2.0.3)
    websocket (1.2.8)

PLATFORMS
  ruby

DEPENDENCIES
  beaker
  beaker-rspec
  dry-inflector (~> 0.1.1)
  guard (~> 2.6, >= 2.6.1)
  guard-rake
  i18n (= 0.6.11)
  jwt (~> 1.5, >= 1.5.5)
  listen (~> 3.0.0)
  metadata-json-lint
  minitest (~> 4.7.5)
  puppet (~> 3.8.0)
  puppet-blacksmith
  puppet-lint
  puppet-syntax
  puppetlabs_spec_helper
  rake (~> 12.3, >= 12.3.3)
  rb-inotify (~> 0.9.9)
  rspec-core (~> 3.5.0.beta2)
  rspec-rails (~> 3.5, >= 3.5.2)
  signet (~> 0.9.2)
  simplecov
  simplecov-html (~> 0.10.0)
  travis
  travis-lint
  vagrant-wrapper

BUNDLED WITH
   1.17.3
